PATH
  remote: /integration
  specs:
    appsignal (2.11.0)
      rack

GEM
  remote: https://rubygems.org/
  specs:
    concurrent-ruby (1.1.7)
    i18n (1.8.5)
      concurrent-ruby (~> 1.0)
    mail (2.7.1)
      mini_mime (>= 0.1.1)
    mime-types (3.3.1)
      mime-types-data (~> 3.2015)
    mime-types-data (3.2020.1104)
    mini_mime (1.0.2)
    moneta (1.1.1)
    mustermann (1.1.1)
      ruby2_keywords (~> 0.0.1)
    padrino (0.15.0)
      padrino-admin (= 0.15.0)
      padrino-cache (= 0.15.0)
      padrino-core (= 0.15.0)
      padrino-gen (= 0.15.0)
      padrino-helpers (= 0.15.0)
      padrino-mailer (= 0.15.0)
      padrino-support (= 0.15.0)
    padrino-admin (0.15.0)
      padrino-core (= 0.15.0)
      padrino-helpers (= 0.15.0)
    padrino-cache (0.15.0)
      moneta (~> 1.1.0)
      padrino-core (= 0.15.0)
      padrino-helpers (= 0.15.0)
    padrino-core (0.15.0)
      padrino-support (= 0.15.0)
      sinatra (>= 2.0.0)
      thor (~> 0.18)
    padrino-gen (0.15.0)
      bundler (>= 1.0, < 3)
      padrino-core (= 0.15.0)
    padrino-helpers (0.15.0)
      i18n (>= 0.6.7, < 2)
      padrino-support (= 0.15.0)
      tilt (>= 1.4.1, < 3)
    padrino-mailer (0.15.0)
      mail (~> 2.5)
      mime-types (< 4)
      padrino-core (= 0.15.0)
    padrino-support (0.15.0)
    rack (2.2.3)
    rack-protection (2.1.0)
      rack
    rake (13.0.1)
    ruby2_keywords (0.0.2)
    sinatra (2.1.0)
      mustermann (~> 1.0)
      rack (~> 2.2)
      rack-protection (= 2.1.0)
      tilt (~> 2.0)
    thor (0.20.3)
    tilt (2.0.10)

PLATFORMS
  ruby

DEPENDENCIES
  appsignal!
  padrino (= 0.15.0)
  rake

BUNDLED WITH
   2.1.4
