PATH
  remote: /integration
  specs:
    appsignal (3.9.1)
      rack

GEM
  remote: https://rubygems.org/
  specs:
    debug (1.9.2)
      irb (~> 1.10)
      reline (>= 0.3.8)
    io-console (0.7.2)
    irb (1.13.2)
      rdoc (>= 4.0.0)
      reline (>= 0.4.2)
    nio4r (2.7.3)
    psych (5.1.2)
      stringio
    puma (6.4.2)
      nio4r (~> 2.0)
    rack (3.1.4)
    rdoc (6.7.0)
      psych (>= 4.0.0)
    reline (0.5.9)
      io-console (~> 0.5)
    stringio (3.1.1)

PLATFORMS
  aarch64-linux
  ruby

DEPENDENCIES
  appsignal!
  debug
  puma
  rack

BUNDLED WITH
   2.5.14
