PATH
  remote: /integration
  specs:
    appsignal (3.5.6)
      rack

GEM
  remote: https://rubygems.org/
  specs:
    base64 (0.2.0)
    debug (1.9.2)
      irb (~> 1.10)
      reline (>= 0.3.8)
    io-console (0.7.2)
    irb (1.13.1)
      rdoc (>= 4.0.0)
      reline (>= 0.4.2)
    mustermann (3.0.0)
      ruby2_keywords (~> 0.0.1)
    nio4r (2.7.0)
    psych (5.1.2)
      stringio
    puma (6.4.2)
      nio4r (~> 2.0)
    rack (3.0.9)
    rack-protection (4.0.0)
      base64 (>= 0.1.0)
      rack (>= 3.0.0, < 4)
    rack-session (2.0.0)
      rack (>= 3.0.0)
    rdoc (6.6.3.1)
      psych (>= 4.0.0)
    reline (0.5.7)
      io-console (~> 0.5)
    ruby2_keywords (0.0.5)
    sinatra (4.0.0)
      mustermann (~> 3.0)
      rack (>= 3.0.0, < 4)
      rack-protection (= 4.0.0)
      rack-session (>= 2.0.0, < 3)
      tilt (~> 2.0)
    stringio (3.1.0)
    tilt (2.3.0)

PLATFORMS
  aarch64-linux

DEPENDENCIES
  appsignal!
  debug
  puma
  sinatra

BUNDLED WITH
   2.2.33
