PATH
  remote: /integration
  specs:
    appsignal (3.0.0.beta.1)
      rack

GEM
  remote: https://rubygems.org/
  specs:
    as-notifications (1.0.1)
    coderay (1.1.3)
    concurrent-ruby (1.1.8)
    i18n (0.9.5)
      concurrent-ruby (~> 1.0)
    method_source (1.0.0)
    multi_json (1.15.0)
    pry (0.14.0)
      coderay (~> 1.1)
      method_source (~> 1.0)
    rack (2.2.3)
    webmachine (1.5.0)
      as-notifications (~> 1.0)
      i18n (>= 0.4.0)
      multi_json
    webrick (1.7.0)

PLATFORMS
  x86_64-linux

DEPENDENCIES
  appsignal!
  i18n (~> 0.0)
  pry
  webmachine
  webrick

BUNDLED WITH
   2.2.9
