PATH
  remote: /integration
  specs:
    appsignal (2.11.3)
      rack

GEM
  remote: https://rubygems.org/
  specs:
    aws-eventstream (1.1.0)
    aws-partitions (1.416.0)
    aws-sdk-core (3.111.1)
      aws-eventstream (~> 1, >= 1.0.2)
      aws-partitions (~> 1, >= 1.239.0)
      aws-sigv4 (~> 1.1)
      jmespath (~> 1.0)
    aws-sdk-sqs (1.35.0)
      aws-sdk-core (~> 3, >= 3.109.0)
      aws-sigv4 (~> 1.1)
    aws-sigv4 (1.2.2)
      aws-eventstream (~> 1, >= 1.0.2)
    coderay (1.1.3)
    concurrent-ruby (1.1.7)
    jmespath (1.4.0)
    method_source (1.0.0)
    nokogiri (1.11.1-x86_64-linux)
      racc (~> 1.4)
    pry (0.13.1)
      coderay (~> 1.1)
      method_source (~> 1.0)
    racc (1.5.2)
    rack (2.2.3)
    shoryuken (5.0.6)
      aws-sdk-core (>= 2)
      concurrent-ruby
      thor
    thor (1.0.1)

PLATFORMS
  x86_64-linux

DEPENDENCIES
  appsignal!
  aws-sdk-sqs
  nokogiri
  pry
  shoryuken

BUNDLED WITH
   2.2.3
