PATH
  remote: /integration
  specs:
    appsignal (3.9.3)
      rack

GEM
  remote: https://rubygems.org/
  specs:
    as-notifications (1.0.2)
    base64 (0.2.0)
    coderay (1.1.3)
    concurrent-ruby (1.3.3)
    i18n (1.14.5)
      concurrent-ruby (~> 1.0)
    method_source (1.0.0)
    multi_json (1.15.0)
    pry (0.14.0)
      coderay (~> 1.1)
      method_source (~> 1.0)
    rack (3.1.6)
    rackup (2.0.0)
      rack (>= 3)
      webrick
    webmachine (2.0.1)
      as-notifications (>= 1.0.2, < 2.0)
      base64
      i18n (>= 0.4.0)
      multi_json
    webrick (1.7.0)

PLATFORMS
  aarch64-linux
  x86_64-linux

DEPENDENCIES
  appsignal!
  pry
  rackup
  webmachine (~> 2.0)
  webrick

BUNDLED WITH
   2.2.9
