PATH
  remote: /integration
  specs:
    appsignal (2.11.3)
      rack

GEM
  remote: https://rubygems.org/
  specs:
    rack (2.2.3)

PLATFORMS
  ruby
  x86_64-linux

DEPENDENCIES
  appsignal!

BUNDLED WITH
   2.2.3
